PATH
  remote: .
  specs:
    rubyboy (1.2.0)
      raylib-bindings (~> 0.6.0)

GEM
  remote: https://rubygems.org/
  specs:
    ast (2.4.2)
    base64 (0.1.1)
    diff-lcs (1.5.0)
    ffi (1.16.3)
    json (2.6.3)
    language_server-protocol (3.17.0.3)
    opengl-bindings2 (2.0.1)
    parallel (1.23.0)
    parser (3.2.2.4)
      ast (~> 2.4.1)
      racc
    racc (1.7.1)
    rainbow (3.1.1)
    rake (13.0.6)
    raylib-bindings (0.6.0-x86_64-darwin)
      ffi (~> 1.16)
      opengl-bindings2 (~> 2)
    raylib-bindings (0.6.0-x86_64-linux)
      ffi (~> 1.16)
      opengl-bindings2 (~> 2)
    regexp_parser (2.8.2)
    rexml (3.2.6)
    rspec (3.12.0)
      rspec-core (~> 3.12.0)
      rspec-expectations (~> 3.12.0)
      rspec-mocks (~> 3.12.0)
    rspec-core (3.12.2)
      rspec-support (~> 3.12.0)
    rspec-expectations (3.12.3)
      diff-lcs (>= 1.2.0, < 2.0)
      rspec-support (~> 3.12.0)
    rspec-mocks (3.12.6)
      diff-lcs (>= 1.2.0, < 2.0)
      rspec-support (~> 3.12.0)
    rspec-support (3.12.1)
    rubocop (1.57.0)
      base64 (~> 0.1.1)
      json (~> 2.3)
      language_server-protocol (>= 3.17.0)
      parallel (~> 1.10)
      parser (>= 3.2.2.4)
      rainbow (>= 2.2.2, < 4.0)
      regexp_parser (>= 1.8, < 3.0)
      rexml (>= 3.2.5, < 4.0)
      rubocop-ast (>= 1.28.1, < 2.0)
      ruby-progressbar (~> 1.7)
      unicode-display_width (>= 2.4.0, < 3.0)
    rubocop-ast (1.29.0)
      parser (>= 3.2.1.0)
    ruby-progressbar (1.13.0)
    stackprof (0.2.25)
    unicode-display_width (2.5.0)

PLATFORMS
  x86_64-darwin-23
  x86_64-linux

DEPENDENCIES
  rake (~> 13.0)
  rspec (~> 3.12)
  rubocop (~> 1.57)
  rubyboy!
  stackprof (~> 0.2.25)

BUNDLED WITH
   2.4.20
